PATH
  remote: .
  specs:
    paybook (0.0.12)

GEM
  remote: https://rubygems.org/
  specs:
    httparty (0.13.7)
      json (~> 1.8)
      multi_xml (>= 0.5.2)
    json (1.8.3)
    multi_xml (0.5.5)
    rake (13.0.3)

PLATFORMS
  ruby

DEPENDENCIES
  bundler (~> 2.2.10)
  httparty
  paybook!
  rake (~> 13.0)

BUNDLED WITH
   1.12.3
