PATH
  remote: .
  specs:
    paybook (0.0.14)

GEM
  remote: https://rubygems.org/
  specs:
    httparty (0.21.0)
      mini_mime (>= 1.0.0)
      multi_xml (>= 0.5.2)
    mini_mime (1.1.2)
    multi_xml (0.6.0)
    rake (13.0.6)

PLATFORMS
  arm64-darwin-20
  ruby

DEPENDENCIES
  bundler (~> 2.2.10)
  httparty
  paybook!
  rake (~> 13.0)

BUNDLED WITH
   2.2.32
