PATH
  remote: .
  specs:
    paybook (0.0.13)

GEM
  remote: https://rubygems.org/
  specs:
    httparty (0.20.0)
      mime-types (~> 3.0)
      multi_xml (>= 0.5.2)
    mime-types (3.4.1)
      mime-types-data (~> 3.2015)
    mime-types-data (3.2021.1115)
    multi_xml (0.6.0)
    rake (13.0.6)

PLATFORMS
  arm64-darwin-20
  ruby

DEPENDENCIES
  bundler (~> 2.2.10)
  httparty
  paybook!
  rake (~> 13.0)

BUNDLED WITH
   2.2.32
